PATH
  remote: .
  specs:
    action_subscriber (0.0.1)
      activesupport (~> 3.2.0)
      amqp
      celluloid

GEM
  remote: https://rubygems.org/
  specs:
    activesupport (3.2.13)
      i18n (= 0.6.1)
      multi_json (~> 1.0)
    amq-client (1.0.2)
      amq-protocol (>= 1.2.0)
      eventmachine
    amq-protocol (1.7.0)
    amqp (1.0.2)
      amq-client (~> 1.0.2)
      amq-protocol (>= 1.3.0)
      eventmachine
    better_receive (0.6.0)
      rspec (~> 2.14)
    celluloid (0.14.1)
      timers (>= 1.0.0)
    coderay (1.0.9)
    diff-lcs (1.2.4)
    eventmachine (1.0.3)
    i18n (0.6.1)
    method_source (0.8.2)
    multi_json (1.7.5)
    pry (0.9.12.2)
      coderay (~> 1.0.5)
      method_source (~> 0.8)
      slop (~> 3.4)
    pry-nav (0.2.3)
      pry (~> 0.9.10)
    rake (10.1.0)
    rspec (2.14.1)
      rspec-core (~> 2.14.0)
      rspec-expectations (~> 2.14.0)
      rspec-mocks (~> 2.14.0)
    rspec-core (2.14.4)
    rspec-expectations (2.14.1)
      diff-lcs (>= 1.1.3, < 2.0)
    rspec-mocks (2.14.3)
    rspec-pride (2.2.0)
      rspec (~> 2.10)
    simplecov (0.7.1)
      multi_json (~> 1.0)
      simplecov-html (~> 0.7.1)
    simplecov-html (0.7.1)
    slop (3.4.6)
    timers (1.1.0)

PLATFORMS
  ruby

DEPENDENCIES
  action_subscriber!
  better_receive
  bundler (~> 1.3)
  pry-nav
  rake
  rspec
  rspec-pride
  simplecov
